GEM
  remote: https://rubygems.org/
  specs:
    ansi (1.5.0)
    coderay (1.1.0)
    diff-lcs (1.2.5)
    docker-api (1.21.4)
      excon (>= 0.38.0)
      json
    excon (0.45.3)
    hashie (3.4.2)
    highline (1.7.2)
    itamae (1.2.19)
      ansi
      hashie
      schash (~> 0.1.0)
      specinfra (>= 2.31.0, < 3.0.0)
      thor
    json (1.8.3)
    method_source (0.8.2)
    multi_json (1.11.0)
    net-scp (1.2.1)
      net-ssh (>= 2.6.5)
    net-ssh (2.9.2)
    pry (0.10.1)
      coderay (~> 1.1.0)
      method_source (~> 0.8.1)
      slop (~> 3.4)
    rake (10.4.2)
    rspec (3.2.0)
      rspec-core (~> 3.2.0)
      rspec-expectations (~> 3.2.0)
      rspec-mocks (~> 3.2.0)
    rspec-core (3.2.3)
      rspec-support (~> 3.2.0)
    rspec-expectations (3.2.1)
      diff-lcs (>= 1.2.0, < 2.0)
      rspec-support (~> 3.2.0)
    rspec-its (1.2.0)
      rspec-core (>= 3.0.0)
      rspec-expectations (>= 3.0.0)
    rspec-mocks (3.2.1)
      diff-lcs (>= 1.2.0, < 2.0)
      rspec-support (~> 3.2.0)
    rspec-support (3.2.2)
    schash (0.1.1)
    serverspec (2.17.1)
      multi_json
      rspec (~> 3.0)
      rspec-its
      specinfra (~> 2.32)
    slop (3.6.0)
    specinfra (2.34.6)
      net-scp
      net-ssh
    thor (0.19.1)

PLATFORMS
  ruby

DEPENDENCIES
  docker-api
  highline
  itamae
  pry
  rake
  serverspec
